GEM
  remote: https://rubygems.org/
  specs:
    mustermann (1.1.1)
      ruby2_keywords (~> 0.0.1)
    nio4r (2.5.8)
    or-tools (0.6.1)
      rice (>= 4.0.2)
    puma (5.6.1)
      nio4r (~> 2.0)
    rack (2.2.3)
    rack-protection (2.1.0)
      rack
    rice (4.0.3)
    ruby2_keywords (0.0.5)
    sinatra (2.1.0)
      mustermann (~> 1.0)
      rack (~> 2.2)
      rack-protection (= 2.1.0)
      tilt (~> 2.0)
    tilt (2.0.10)

PLATFORMS
  aarch64-linux
  x86_64-linux

DEPENDENCIES
  or-tools (~> 0.6.0)
  puma (~> 5.6)
  sinatra (~> 2.1)

BUNDLED WITH
   2.3.5
